GIT
  remote: https://github.com/delonnewman/el-toolkit.git
  revision: 0bfa1a2cdfbb21ac6e8d062b12c7dad0c7e3d8f4
  specs:
    el-toolkit (0.0.1)
      rack

GEM
  remote: https://rubygems.org/
  specs:
    diff-lcs (1.5.0)
    rack (3.1.10)
    rake (13.2.1)
    rspec (3.12.0)
      rspec-core (~> 3.12.0)
      rspec-expectations (~> 3.12.0)
      rspec-mocks (~> 3.12.0)
    rspec-core (3.12.0)
      rspec-support (~> 3.12.0)
    rspec-expectations (3.12.2)
      diff-lcs (>= 1.2.0, < 2.0)
      rspec-support (~> 3.12.0)
    rspec-mocks (3.12.3)
      diff-lcs (>= 1.2.0, < 2.0)
      rspec-support (~> 3.12.0)
    rspec-support (3.12.0)
    sqlite3 (2.0.2-arm64-darwin)
    sqlite3 (2.0.2-x86_64-linux-gnu)

PLATFORMS
  arm64-darwin
  x86_64-linux

DEPENDENCIES
  el-toolkit!
  rake
  rspec
  sqlite3

BUNDLED WITH
   2.5.23
